PATH
  remote: ../neddinna/
  specs:
    neddinna (0.1.0)
      rack (~> 1.6.4)

GEM
  specs:
    rack (1.6.4)

PLATFORMS
  ruby

DEPENDENCIES
  neddinna!

BUNDLED WITH
   1.10.6
